GEM
  remote: https://rubygems.org/
  specs:
    daemons (1.1.9)
    dotenv (0.7.0)
    eventmachine (1.0.3)
    foreman (0.67.0)
      dotenv (~> 0.7.0)
      thor (~> 0.17.0)
    rack (1.5.2)
    thin (1.6.2)
      daemons (>= 1.0.9)
      eventmachine (>= 1.0.0)
      rack (>= 1.0.0)
    thor (0.17.0)

PLATFORMS
  ruby

DEPENDENCIES
  foreman
  rack
  thin
